GEM
  remote: https://rubygems.org/
  specs:
    Ascii85 (1.1.0)
    afm (0.2.2)
    hashery (2.1.2)
    observer (0.1.2)
    pdf-reader (2.12.0)
      Ascii85 (~> 1.0)
      afm (~> 0.2.1)
      hashery (~> 2.0)
      ruby-rc4
      ttfunk
    pkg-config (1.5.6)
    rmagick (5.4.1)
      observer (~> 0.1)
      pkg-config (~> 1.4)
    ruby-rc4 (0.1.5)
    ttfunk (1.7.0)

PLATFORMS
  ruby
  x86_64-darwin-22

DEPENDENCIES
  pdf-reader
  rmagick

BUNDLED WITH
   2.5.6
